PATH
  remote: poltergeist
  specs:
    poltergeist (1.14.0)
      capybara (~> 2.1)
      cliver (~> 0.3.1)
      websocket-driver (>= 0.2.0)

GEM
  remote: https://rubygems.org/
  specs:
    addressable (2.4.0)
    capybara (2.13.0)
      addressable
      mime-types (>= 1.16)
      nokogiri (>= 1.3.3)
      rack (>= 1.0.0)
      rack-test (>= 0.5.4)
      xpath (~> 2.0)
    cliver (0.3.2)
    mailgun (0.11)
    mime-types (2.99.3)
    mini_portile2 (2.4.0)
    nokogiri (1.10.9)
      mini_portile2 (~> 2.4.0)
    public_suffix (1.4.6)
    rack (1.6.5)
    rack-test (0.6.3)
      rack (>= 1.0)
    websocket-driver (0.7.1)
      websocket-extensions (>= 0.1.0)
    websocket-extensions (0.1.4)
    xpath (2.0.0)
      nokogiri (~> 1.3)

PLATFORMS
  ruby

DEPENDENCIES
  capybara
  mailgun
  mime-types (< 3.0)
  nokogiri (= 1.10.9)
  poltergeist!
  public_suffix (= 1.4.6)
  rack (= 1.6.5)
